GEM
  remote: https://rubygems.org/
  specs:
    coderay (1.1.3)
    dry-inflector (0.2.0)
    macaddr (1.7.2)
      systemu (~> 2.6.5)
    method_source (1.0.0)
    pry (0.13.1)
      coderay (~> 1.1)
      method_source (~> 1.0)
    snake_camel (1.1.0)
    systemu (2.6.5)
    uuid (2.3.9)
      macaddr (~> 1.0)

PLATFORMS
  ruby

DEPENDENCIES
  dry-inflector!
  pry!
  snake_camel!
  uuid!

BUNDLED WITH
   2.1.4
